GIT
  remote: https://github.com/globalize/globalize
  revision: 76b808b13d15c2b7158c0f61ff000b05de47afe6
  specs:
    globalize (6.0.1)
      activemodel (>= 4.2, < 7.0)
      activerecord (>= 4.2, < 7.0)
      request_store (~> 1.0)

GIT
  remote: https://github.com/rails/rails-observers
  revision: 389b577322d8b17336730b2dc4e179060a23c8e7
  specs:
    rails-observers (0.2.0)
      activemodel (>= 4.2)

GIT
  remote: https://github.com/winston/google_visualr
  revision: 17b97114a345baadd011e7b442b9a6c91a2b7ab5
  specs:
    google_visualr (2.5.1)

GEM
  remote: https://rubygems.org/
  specs:
    aaronh-chronic (0.3.9)
    actioncable (6.1.7.2)
      actionpack (= 6.1.7.2)
      activesupport (= 6.1.7.2)
      nio4r (~> 2.0)
      websocket-driver (>= 0.6.1)
    actionmailbox (6.1.7.2)
      actionpack (= 6.1.7.2)
      activejob (= 6.1.7.2)
      activerecord (= 6.1.7.2)
      activestorage (= 6.1.7.2)
      activesupport (= 6.1.7.2)
      mail (>= 2.7.1)
    actionmailer (6.1.7.2)
      actionpack (= 6.1.7.2)
      actionview (= 6.1.7.2)
      activejob (= 6.1.7.2)
      activesupport (= 6.1.7.2)
      mail (~> 2.5, >= 2.5.4)
      rails-dom-testing (~> 2.0)
    actionpack (6.1.7.2)
      actionview (= 6.1.7.2)
      activesupport (= 6.1.7.2)
      rack (~> 2.0, >= 2.0.9)
      rack-test (>= 0.6.3)
      rails-dom-testing (~> 2.0)
      rails-html-sanitizer (~> 1.0, >= 1.2.0)
    actionpack-page_caching (1.2.4)
      actionpack (>= 4.0.0)
    actiontext (6.1.7.2)
      actionpack (= 6.1.7.2)
      activerecord (= 6.1.7.2)
      activestorage (= 6.1.7.2)
      activesupport (= 6.1.7.2)
      nokogiri (>= 1.8.5)
    actionview (6.1.7.2)
      activesupport (= 6.1.7.2)
      builder (~> 3.1)
      erubi (~> 1.4)
      rails-dom-testing (~> 2.0)
      rails-html-sanitizer (~> 1.1, >= 1.2.0)
    active_record_query_trace (1.8)
    activejob (6.1.7.2)
      activesupport (= 6.1.7.2)
      globalid (>= 0.3.6)
    activemodel (6.1.7.2)
      activesupport (= 6.1.7.2)
    activemodel-serializers-xml (1.0.2)
      activemodel (> 5.x)
      activesupport (> 5.x)
      builder (~> 3.1)
    activerecord (6.1.7.2)
      activemodel (= 6.1.7.2)
      activesupport (= 6.1.7.2)
    activestorage (6.1.7.2)
      actionpack (= 6.1.7.2)
      activejob (= 6.1.7.2)
      activerecord (= 6.1.7.2)
      activesupport (= 6.1.7.2)
      marcel (~> 1.0)
      mini_mime (>= 1.1.0)
    activesupport (6.1.7.2)
      concurrent-ruby (~> 1.0, >= 1.0.2)
      i18n (>= 1.6, < 2)
      minitest (>= 5.1)
      tzinfo (~> 2.0)
      zeitwerk (~> 2.3)
    acts_as_list (0.9.19)
      activerecord (>= 3.0)
    addressable (2.8.0)
      public_suffix (>= 2.0.2, < 5.0)
    after_commit_everywhere (1.1.0)
      activerecord (>= 4.2)
      activesupport
    akismetor (1.0.0)
    ast (2.4.2)
    audited (4.10.0)
      activerecord (>= 4.2, < 6.2)
    awesome_print (1.9.2)
    aws-eventstream (1.2.0)
    aws-partitions (1.553.0)
    aws-sdk-core (3.126.0)
      aws-eventstream (~> 1, >= 1.0.2)
      aws-partitions (~> 1, >= 1.525.0)
      aws-sigv4 (~> 1.1)
      jmespath (~> 1.0)
    aws-sdk-kms (1.54.0)
      aws-sdk-core (~> 3, >= 3.126.0)
      aws-sigv4 (~> 1.1)
    aws-sdk-s3 (1.112.0)
      aws-sdk-core (~> 3, >= 3.126.0)
      aws-sdk-kms (~> 1)
      aws-sigv4 (~> 1.4)
    aws-sigv4 (1.4.0)
      aws-eventstream (~> 1, >= 1.0.2)
    backports (3.23.0)
    bcrypt (3.1.16)
    better_html (1.0.16)
      actionview (>= 4.0)
      activesupport (>= 4.0)
      ast (~> 2.0)
      erubi (~> 1.4)
      html_tokenizer (~> 0.0.6)
      parser (>= 2.4)
      smart_properties
    brakeman (5.2.1)
    builder (3.2.4)
    bullet (7.0.1)
      activesupport (>= 3.0.0)
      uniform_notifier (~> 1.11)
    bundler-audit (0.9.0.1)
      bundler (>= 1.2.0, < 3)
      thor (~> 1.0)
    byebug (11.1.3)
    capistrano (2.15.9)
      highline
      net-scp (>= 1.0.0)
      net-sftp (>= 2.0.0)
      net-ssh (>= 2.0.14)
      net-ssh-gateway (>= 1.1.0)
    capistrano-ext (1.2.1)
      capistrano (>= 1.0.0)
    capistrano-gitflow_version (0.0.3.1)
      capistrano-ext (>= 1.2.1)
      stringex
    capybara (3.37.1)
      addressable
      matrix
      mini_mime (>= 0.1.3)
      nokogiri (~> 1.8)
      rack (>= 1.6.0)
      rack-test (>= 0.6.3)
      regexp_parser (>= 1.5, < 3.0)
      xpath (~> 3.2)
    capybara-screenshot (1.0.26)
      capybara (>= 1.0, < 4)
      launchy
    chronic (0.10.2)
    climate_control (0.2.0)
    cliver (0.3.2)
    coderay (1.1.3)
    concurrent-ruby (1.2.0)
    connection_pool (2.2.5)
    crack (0.4.5)
      rexml
    crass (1.0.6)
    css_parser (1.11.0)
      addressable
    cucumber (3.2.0)
      builder (>= 2.1.2)
      cucumber-core (~> 3.2.0)
      cucumber-expressions (~> 6.0.1)
      cucumber-wire (~> 0.0.1)
      diff-lcs (~> 1.3)
      gherkin (~> 5.1.0)
      multi_json (>= 1.7.5, < 2.0)
      multi_test (>= 0.1.2)
    cucumber-core (3.2.1)
      backports (>= 3.8.0)
      cucumber-tag_expressions (~> 1.1.0)
      gherkin (~> 5.0)
    cucumber-expressions (6.0.1)
    cucumber-rails (2.1.0)
      capybara (>= 2.12, < 4)
      cucumber (>= 3.0.2, < 5)
      mime-types (>= 2.0, < 4)
      nokogiri (~> 1.8)
      rails (>= 4.2, < 7)
    cucumber-tag_expressions (1.1.1)
    cucumber-timecop (0.0.6)
      chronic
      cucumber
      timecop
    cucumber-wire (0.0.1)
    dalli (3.2.3)
    database_cleaner (2.0.1)
      database_cleaner-active_record (~> 2.0.0)
    database_cleaner-active_record (2.0.1)
      activerecord (>= 5.a)
      database_cleaner-core (~> 2.0.0)
    database_cleaner-core (2.0.1)
    delorean (2.1.0)
      chronic
    devise (4.8.1)
      bcrypt (~> 3.0)
      orm_adapter (~> 0.1)
      railties (>= 4.1.0)
      responders
      warden (~> 1.2.3)
    devise-async (1.0.0)
      activejob (>= 5.0)
      devise (>= 4.0)
    diff-lcs (1.5.0)
    docile (1.4.0)
    domain_name (0.5.20190701)
      unf (>= 0.0.5, < 1.0.0)
    elasticsearch (7.17.1)
      elasticsearch-api (= 7.17.1)
      elasticsearch-transport (= 7.17.1)
    elasticsearch-api (7.17.1)
      multi_json
    elasticsearch-transport (7.17.1)
      faraday (~> 1)
      multi_json
    email_spec (1.6.0)
      launchy (~> 2.1)
      mail (~> 2.2)
    erb_lint (0.0.29)
      activesupport
      better_html (~> 1.0.7)
      html_tokenizer
      rainbow
      rubocop (~> 0.51)
      smart_properties
    erubi (1.12.0)
    escape_utils (1.2.1)
    et-orbi (1.2.6)
      tzinfo
    factory_bot (6.2.1)
      activesupport (>= 5.0.0)
    factory_bot_rails (6.2.0)
      factory_bot (~> 6.2.0)
      railties (>= 5.0.0)
    faker (2.19.0)
      i18n (>= 1.6, < 2)
    faraday (1.9.3)
      faraday-em_http (~> 1.0)
      faraday-em_synchrony (~> 1.0)
      faraday-excon (~> 1.1)
      faraday-httpclient (~> 1.0)
      faraday-multipart (~> 1.0)
      faraday-net_http (~> 1.0)
      faraday-net_http_persistent (~> 1.0)
      faraday-patron (~> 1.0)
      faraday-rack (~> 1.0)
      faraday-retry (~> 1.0)
      ruby2_keywords (>= 0.0.4)
    faraday-em_http (1.0.0)
    faraday-em_synchrony (1.0.0)
    faraday-excon (1.1.0)
    faraday-httpclient (1.0.1)
    faraday-multipart (1.0.3)
      multipart-post (>= 1.2, < 3)
    faraday-net_http (1.0.1)
    faraday-net_http_persistent (1.2.0)
    faraday-patron (1.0.0)
    faraday-rack (1.0.0)
    faraday-retry (1.0.3)
    fastimage (2.2.6)
    fugit (1.5.2)
      et-orbi (~> 1.1, >= 1.1.8)
      raabro (~> 1.4)
    gherkin (5.1.0)
    globalid (1.0.1)
      activesupport (>= 5.0)
    god (0.13.7)
    hashdiff (1.0.1)
    highline (2.0.3)
    html_tokenizer (0.0.7)
    htmlentities (4.3.4)
    http-accept (1.7.0)
    http-cookie (1.0.5)
      domain_name (~> 0.5)
    httparty (0.21.0)
      mini_mime (>= 1.0.0)
      multi_xml (>= 0.5.2)
    i18n (1.12.0)
      concurrent-ruby (~> 1.0)
    jmespath (1.6.1)
    json (2.6.1)
    kgio (2.10.0)
    kt-paperclip (7.1.0)
      activemodel (>= 4.2.0)
      activesupport (>= 4.2.0)
      marcel (~> 1.0.1)
      mime-types
      terrapin (~> 0.6.0)
    launchy (2.5.0)
      addressable (~> 2.7)
    lograge (0.11.2)
      actionpack (>= 4)
      activesupport (>= 4)
      railties (>= 4)
      request_store (~> 1.0)
    loofah (2.19.1)
      crass (~> 1.0.2)
      nokogiri (>= 1.5.9)
    mail (2.7.1)
      mini_mime (>= 0.1.1)
    marcel (1.0.2)
    matrix (0.4.2)
    mechanize (2.8.5)
      addressable (~> 2.8)
      domain_name (~> 0.5, >= 0.5.20190701)
      http-cookie (~> 1.0, >= 1.0.3)
      mime-types (~> 3.0)
      net-http-digest_auth (~> 1.4, >= 1.4.1)
      net-http-persistent (>= 2.5.2, < 5.0.dev)
      nokogiri (~> 1.11, >= 1.11.2)
      rubyntlm (~> 0.6, >= 0.6.3)
      webrick (~> 1.7)
      webrobots (~> 0.1.2)
    method_source (1.0.0)
    mime-types (3.4.1)
      mime-types-data (~> 3.2015)
    mime-types-data (3.2022.0105)
    mimemagic (0.3.10)
      nokogiri (~> 1)
      rake
    mini_mime (1.1.2)
    mini_portile2 (2.8.1)
    minitest (5.17.0)
    mono_logger (1.1.1)
    multi_json (1.15.0)
    multi_test (0.1.2)
    multi_xml (0.6.0)
    multipart-post (2.1.1)
    mustermann (2.0.2)
      ruby2_keywords (~> 0.0.1)
    mysql2 (0.5.4)
    n_plus_one_control (0.6.2)
    net-http-digest_auth (1.4.1)
    net-http-persistent (4.0.1)
      connection_pool (~> 2.2)
    net-scp (3.0.0)
      net-ssh (>= 2.6.5, < 7.0.0)
    net-sftp (3.0.0)
      net-ssh (>= 5.0.0, < 7.0.0)
    net-ssh (6.1.0)
    net-ssh-gateway (2.0.0)
      net-ssh (>= 4.0.0)
    netrc (0.11.0)
    newrelic_rpm (8.4.0)
    nio4r (2.5.8)
    nokogiri (1.14.0)
      mini_portile2 (~> 2.8.0)
      racc (~> 1.4)
    orm_adapter (0.5.0)
    parallel (1.21.0)
    parser (3.1.0.0)
      ast (~> 2.4.1)
    permit_yo (2.1.3)
    phraseapp-in-context-editor-ruby (1.4.0)
      i18n (>= 0.6)
      json (>= 1.8, < 3)
      phraseapp-ruby (~> 1.3)
      request_store (~> 1.3)
    phraseapp-ruby (1.6.0)
    pickle (0.6.2)
      cucumber (>= 3.0, < 8.0)
      rake
    poltergeist (1.18.1)
      capybara (>= 2.1, < 4)
      cliver (~> 0.3.1)
      websocket-driver (>= 0.2.0)
    power_assert (2.0.1)
    pry (0.13.1)
      coderay (~> 1.1)
      method_source (~> 1.0)
    pry-byebug (3.9.0)
      byebug (~> 11.0)
      pry (~> 0.13.0)
    public_suffix (4.0.7)
    pundit (2.1.1)
      activesupport (>= 3.0.0)
    raabro (1.4.0)
    racc (1.6.2)
    rack (2.2.6.4)
    rack-attack (6.6.0)
      rack (>= 1.0, < 3)
    rack-dev-mark (0.7.9)
      rack (>= 1.1, < 2.3)
    rack-protection (2.2.3)
      rack
    rack-test (2.0.2)
      rack (>= 1.3)
    rails (6.1.7.2)
      actioncable (= 6.1.7.2)
      actionmailbox (= 6.1.7.2)
      actionmailer (= 6.1.7.2)
      actionpack (= 6.1.7.2)
      actiontext (= 6.1.7.2)
      actionview (= 6.1.7.2)
      activejob (= 6.1.7.2)
      activemodel (= 6.1.7.2)
      activerecord (= 6.1.7.2)
      activestorage (= 6.1.7.2)
      activesupport (= 6.1.7.2)
      bundler (>= 1.15.0)
      railties (= 6.1.7.2)
      sprockets-rails (>= 2.0.0)
    rails-controller-testing (1.0.5)
      actionpack (>= 5.0.1.rc1)
      actionview (>= 5.0.1.rc1)
      activesupport (>= 5.0.1.rc1)
    rails-dom-testing (2.0.3)
      activesupport (>= 4.2.0)
      nokogiri (>= 1.6)
    rails-html-sanitizer (1.5.0)
      loofah (~> 2.19, >= 2.19.1)
    rails-i18n (7.0.3)
      i18n (>= 0.7, < 2)
      railties (>= 6.0.0, < 8)
    railties (6.1.7.2)
      actionpack (= 6.1.7.2)
      activesupport (= 6.1.7.2)
      method_source
      rake (>= 12.2)
      thor (~> 1.0)
    rainbow (3.1.1)
    raindrops (0.20.0)
    rake (13.0.6)
    redis (3.3.5)
    redis-namespace (1.8.1)
      redis (>= 3.0.4)
    regexp_parser (2.5.0)
    request_store (1.5.1)
      rack (>= 1.4)
    responders (3.0.1)
      actionpack (>= 5.0)
      railties (>= 5.0)
    resque (2.2.0)
      mono_logger (~> 1.0)
      multi_json (~> 1.0)
      redis-namespace (~> 1.6)
      sinatra (>= 0.9.2)
      vegas (~> 0.1.2)
    resque-scheduler (4.5.0)
      mono_logger (~> 1.0)
      redis (>= 3.3)
      resque (>= 1.27)
      rufus-scheduler (~> 3.2, < 3.7)
    rest-client (2.1.0)
      http-accept (>= 1.7.0, < 2.0)
      http-cookie (>= 1.0.2, < 2.0)
      mime-types (>= 1.16, < 4.0)
      netrc (~> 0.8)
    rexml (3.2.5)
    rollout (2.4.3)
    rspec-core (3.10.2)
      rspec-support (~> 3.10.0)
    rspec-expectations (3.10.2)
      diff-lcs (>= 1.2.0, < 2.0)
      rspec-support (~> 3.10.0)
    rspec-mocks (3.10.3)
      diff-lcs (>= 1.2.0, < 2.0)
      rspec-support (~> 3.10.0)
    rspec-rails (4.0.2)
      actionpack (>= 4.2)
      activesupport (>= 4.2)
      railties (>= 4.2)
      rspec-core (~> 3.10)
      rspec-expectations (~> 3.10)
      rspec-mocks (~> 3.10)
      rspec-support (~> 3.10)
    rspec-support (3.10.3)
    rubocop (0.83.0)
      parallel (~> 1.10)
      parser (>= 2.7.0.1)
      rainbow (>= 2.2.2, < 4.0)
      rexml
      ruby-progressbar (~> 1.7)
      unicode-display_width (>= 1.4.0, < 2.0)
    rubocop-rails (2.6.0)
      activesupport (>= 4.2.0)
      rack (>= 1.1)
      rubocop (>= 0.82.0)
    rubocop-rspec (1.41.0)
      rubocop (>= 0.68.1)
    ruby-progressbar (1.11.0)
    ruby2_keywords (0.0.5)
    rubyntlm (0.6.3)
    rufus-scheduler (3.6.0)
      fugit (~> 1.1, >= 1.1.6)
    rvm-capistrano (1.5.6)
      capistrano (~> 2.15.4)
    sanitize (6.0.1)
      crass (~> 1.0.2)
      nokogiri (>= 1.12.0)
    shoulda (4.0.0)
      shoulda-context (~> 2.0)
      shoulda-matchers (~> 4.0)
    shoulda-context (2.0.0)
    shoulda-matchers (4.5.1)
      activesupport (>= 4.2.0)
    simplecov (0.21.2)
      docile (~> 1.1)
      simplecov-html (~> 0.11)
      simplecov_json_formatter (~> 0.1)
    simplecov-cobertura (2.1.0)
      rexml
      simplecov (~> 0.19)
    simplecov-html (0.12.3)
    simplecov_json_formatter (0.1.3)
    sinatra (2.2.3)
      mustermann (~> 2.0)
      rack (~> 2.2)
      rack-protection (= 2.2.3)
      tilt (~> 2.0)
    smart_properties (1.17.0)
    sprockets (3.7.2)
      concurrent-ruby (~> 1.0)
      rack (> 1, < 3)
    sprockets-rails (3.4.2)
      actionpack (>= 5.2)
      activesupport (>= 5.2)
      sprockets (>= 3.0.0)
    stringex (2.8.5)
    terrapin (0.6.0)
      climate_control (>= 0.0.3, < 1.0)
    test-unit (3.5.3)
      power_assert
    thor (1.2.1)
    tilt (2.0.11)
    timecop (0.9.4)
    timeliness (0.4.4)
    tzinfo (2.0.5)
      concurrent-ruby (~> 1.0)
    unf (0.1.4)
      unf_ext
    unf_ext (0.0.8.2)
    unicode (0.4.4.4)
    unicode-display_width (1.8.0)
    unicode_utils (1.4.0)
    unicorn (5.8.0)
      kgio (~> 2.6)
      raindrops (~> 0.7)
    unidecoder (1.1.2)
    uniform_notifier (1.14.2)
    vcr (3.0.3)
    vegas (0.1.11)
      rack (>= 1.0.0)
    warden (1.2.9)
      rack (>= 2.0.9)
    webmock (3.18.1)
      addressable (>= 2.8.0)
      crack (>= 0.3.2)
      hashdiff (>= 0.4.0, < 2.0.0)
    webrick (1.7.0)
    webrobots (0.1.2)
    websocket-driver (0.7.5)
      websocket-extensions (>= 0.1.0)
    websocket-extensions (0.1.5)
    whenever (0.6.8)
      aaronh-chronic (>= 0.3.9)
      activesupport (>= 2.3.4)
    whiny_validation (1.0)
      activemodel
      activesupport
    will_paginate (3.3.1)
    xpath (3.2.0)
      nokogiri (~> 1.8)
    zeitwerk (2.6.6)

PLATFORMS
  ruby

DEPENDENCIES
  actionpack-page_caching
  active_record_query_trace (~> 1.6, >= 1.6.1)
  activemodel-serializers-xml
  acts_as_list (~> 0.9.7)
  addressable
  after_commit_everywhere
  akismetor
  audited (~> 4.4)
  awesome_print
  aws-sdk-s3
  bcrypt
  brakeman
  bullet (>= 5.7.3)
  bundler
  bundler-audit
  capistrano-gitflow_version (>= 0.0.3)
  capybara
  capybara-screenshot
  connection_pool
  css_parser
  cucumber
  cucumber-rails
  cucumber-timecop
  dalli
  database_cleaner
  delorean
  devise
  devise-async
  elasticsearch (= 7.17.1)
  email_spec (= 1.6.0)
  erb_lint (= 0.0.29)
  escape_utils (= 1.2.1)
  factory_bot
  factory_bot_rails
  faker
  fastimage
  globalize!
  god (~> 0.13.7)
  google_visualr!
  htmlentities
  httparty
  kgio (= 2.10.0)
  kt-paperclip (>= 5.2.0)
  launchy
  lograge
  mechanize
  mimemagic (= 0.3.10)
  minitest
  mysql2
  n_plus_one_control
  newrelic_rpm
  nokogiri (>= 1.8.5)
  permit_yo
  phraseapp-in-context-editor-ruby (>= 1.0.6)
  pickle
  poltergeist
  pry-byebug
  pundit
  rack (~> 2.2)
  rack-attack
  rack-dev-mark (>= 0.7.8)
  rails (~> 6.1.0)
  rails-controller-testing
  rails-i18n
  rails-observers!
  redis (~> 3.3.5)
  redis-namespace
  resque (>= 1.14.0)
  resque-scheduler
  rest-client (~> 2.1.0)
  rollout
  rspec-rails (~> 4.0.1)
  rubocop (= 0.83.0)
  rubocop-rails (= 2.6.0)
  rubocop-rspec (= 1.41.0)
  rvm-capistrano
  sanitize (>= 4.6.5)
  shoulda
  simplecov
  simplecov-cobertura
  sprockets (< 4)
  terrapin
  test-unit (~> 3.2)
  timecop
  timeliness
  unicode
  unicode_utils (>= 1.4.0)
  unicorn (~> 5.5)
  unidecoder
  vcr (~> 3.0, >= 3.0.1)
  webmock
  whenever (~> 0.6.2)
  whiny_validation
  will_paginate (>= 3.0.2)

RUBY VERSION
   ruby 3.0.5p211

BUNDLED WITH
   2.2.33
